GEM
  remote: http://rubygems.org/
  specs:
    airbrussh (1.3.0)
      sshkit (>= 1.6.1, != 1.7.0)
    capistrano (3.11.0)
      airbrussh (>= 1.0.0)
      i18n
      rake (>= 10.0.0)
      sshkit (>= 1.9.0)
    concurrent-ruby (1.0.5)
    i18n (1.1.0)
      concurrent-ruby (~> 1.0)
    net-scp (1.2.1)
      net-ssh (>= 2.6.5)
    net-ssh (5.0.2)
    psych (4.0.3)
      stringio
    rake (13.0.3)
    rdoc (6.4.0)
      psych (>= 4.0.0)
    sdoc (2.2.0)
      rdoc (>= 5.0)
    sshkit (1.17.0)
      net-scp (>= 1.1.2)
      net-ssh (>= 2.8.0)
    sshkit-sudo (0.1.0)
      sshkit (~> 1.8)
    stringio (3.0.1)

PLATFORMS
  ruby

DEPENDENCIES
  capistrano
  sdoc (= 2.2.0)
  sshkit-sudo

BUNDLED WITH
   2.4.16
