GEM
  remote: http://rubygems.org/
  specs:
    net-scp (1.2.1)
      net-ssh (>= 2.6.5)
    net-ssh (5.0.2)
    psych (4.0.3)
      stringio
    rdoc (6.4.0)
      psych (>= 4.0.0)
    sdoc (2.2.0)
      rdoc (>= 5.0)
    sshkit (1.17.0)
      net-scp (>= 1.1.2)
      net-ssh (>= 2.8.0)
    sshkit-sudo (0.1.0)
      sshkit (~> 1.8)
    stringio (3.1.0)

PLATFORMS
  ruby

DEPENDENCIES
  sdoc (= 2.2.0)
  sshkit-sudo

BUNDLED WITH
   2.4.16
